GEM
  remote: https://rubygems.org/
  specs:
    puma (2.11.0)
      rack (>= 1.1, < 2.0)
    rack (1.6.0)
    shotgun (0.9)
      rack (>= 1.0)
    slim (3.0.2)
      temple (~> 0.7.3)
      tilt (>= 1.3.3, < 2.1)
    temple (0.7.5)
    tilt (2.0.1)

PLATFORMS
  ruby

DEPENDENCIES
  puma
  rack
  shotgun
  slim
